PATH
  remote: .
  specs:
    hearst (0.0.1)
      hashie
      json
      multipart-post
      typhoeus

GEM
  remote: http://rubygems.org/
  specs:
    Saikuro (1.1.0)
    activesupport (3.2.3)
      i18n (~> 0.6)
      multi_json (~> 1.0)
    arrayfields (4.7.4)
    autotest-standalone (4.5.9)
    awesome_print (1.0.2)
    binding_of_caller (0.6.7)
    chronic (0.3.0)
    churn (0.0.15)
      arrayfields (= 4.7.4)
      chronic (>= 0.2.3)
      chronic (>= 0.2.3)
      fattr (= 2.2.0)
      hirb (= 0.5.0)
      hirb
      jeweler (= 1.6.4)
      json (= 1.6.1)
      json_pure
      main
      main (>= 4.6.0)
      map (= 4.3.0)
      ruby_parser (= 2.3.1)
      ruby_parser (~> 2.3)
      sexp_processor (= 3.0.7)
      sexp_processor (~> 3.0.3)
    coderay (1.0.6)
    colored (1.2)
    diff-lcs (1.1.3)
    erubis (2.7.0)
    ethon (0.5.7)
      ffi (~> 1.2.0)
      mime-types (~> 1.18)
    fattr (2.2.0)
    ffi (1.2.1)
    flay (1.4.3)
      ruby_parser (~> 2.0)
      sexp_processor (~> 3.0)
    flog (2.5.3)
      ruby_parser (~> 2.0)
      sexp_processor (~> 3.0)
    git (1.2.5)
    hashie (1.2.0)
    hirb (0.5.0)
    i18n (0.6.0)
    jeweler (1.6.4)
      bundler (~> 1.0)
      git (>= 1.2.5)
      rake
    json (1.6.1)
    json_pure (1.7.3)
    main (4.7.1)
    map (4.3.0)
    method_source (0.7.1)
    metric_fu (2.1.1)
      Saikuro (>= 1.1.0)
      activesupport (>= 2.0.0)
      chronic (~> 0.3.0)
      churn (>= 0.0.7)
      flay (>= 1.2.1)
      flog (>= 2.3.0)
      rails_best_practices (>= 0.6.4)
      rcov (>= 0.8.3.3)
      reek (>= 1.2.6)
      roodi (>= 2.1.0)
      syntax
    metrical (0.1.0)
      metric_fu (~> 2.1.1)
      rcov (~> 0.9)
    mime-types (1.20.1)
    multi_json (1.3.5)
    multipart-post (1.1.5)
    plymouth (0.3.2)
      pry-exception_explorer (>= 0.1.7)
    progressbar (0.11.0)
    pry (0.9.9.6)
      coderay (~> 1.0.5)
      method_source (~> 0.7.1)
      slop (>= 2.4.4, < 3)
    pry-exception_explorer (0.1.9)
      pry-stack_explorer (>= 0.3.9)
    pry-nav (0.2.1)
      pry (~> 0.9.9)
    pry-remote (0.1.4)
      pry (~> 0.9.9)
      slop (~> 2.1)
    pry-stack_explorer (0.4.2)
      binding_of_caller (~> 0.6.2)
      pry (~> 0.9.9)
    rails_best_practices (1.9.1)
      activesupport
      awesome_print
      colored
      erubis
      i18n
      progressbar
      sexp_processor
    rake (0.9.2.2)
    rcov (0.9.11)
    reek (1.2.8)
      ruby2ruby (~> 1.2)
      ruby_parser (~> 2.0)
      sexp_processor (~> 3.0)
    roodi (2.1.0)
      ruby_parser
    rspec (2.10.0)
      rspec-core (~> 2.10.0)
      rspec-expectations (~> 2.10.0)
      rspec-mocks (~> 2.10.0)
    rspec-core (2.10.1)
    rspec-expectations (2.10.0)
      diff-lcs (~> 1.1.3)
    rspec-mocks (2.10.1)
    ruby2ruby (1.3.1)
      ruby_parser (~> 2.0)
      sexp_processor (~> 3.0)
    ruby_parser (2.3.1)
      sexp_processor (~> 3.0)
    sexp_processor (3.0.7)
    simplecov (0.6.4)
      multi_json (~> 1.0)
      simplecov-html (~> 0.5.3)
    simplecov-html (0.5.3)
    slop (2.4.4)
    syntax (1.0.0)
    typhoeus (0.5.4)
      ethon (~> 0.5.7)

PLATFORMS
  ruby

DEPENDENCIES
  autotest-standalone
  hearst!
  metrical
  plymouth
  pry
  pry-nav
  pry-remote
  rspec
  simplecov
